GIT
  remote: git://github.com/bronson/retryable.git
  revision: 9000008ae7e151bebeb325a814aa5086defa2fe9
  specs:
    retryable (0.2.0)

GEM
  remote: http://rubygems.org/
  specs:
    abstract (1.0.0)
    activesupport (3.0.1)
    addressable (2.2.4)
    builder (3.0.0)
    bzip2-ruby (0.2.7)
    crack (0.1.8)
    curb (0.7.15)
    diff-lcs (1.1.2)
    erubis (2.6.6)
      abstract (>= 1.0.0)
    faraday (0.5.7)
      addressable (~> 2.2.4)
      multipart-post (~> 1.1.0)
      rack (>= 1.1.0, < 2)
    faraday_middleware (0.3.2)
      faraday (~> 0.5.4)
    feedzirra (0.0.24)
      activesupport (>= 2.3.8)
      builder (>= 2.1.2)
      curb (>= 0.2.3)
      loofah (>= 0.3.1)
      nokogiri (> 0.0.0)
      sax-machine (>= 0.0.12)
    gitrb (0.2.8)
    hashie (1.0.0)
    hpricot (0.8.2)
    htmlentities (4.2.4)
    i18n (0.4.2)
    json (1.4.6)
    loofah (1.0.0)
      nokogiri (>= 1.3.3)
    mail (2.2.15)
      activesupport (>= 2.3.6)
      i18n (>= 0.4.0)
      mime-types (~> 1.16)
      treetop (~> 1.4.8)
    mime-types (1.16)
    mimemagic (0.1.7)
    multi_json (0.0.5)
    multi_xml (0.2.2)
    multipart-post (1.1.0)
    nokogiri (1.4.4)
    octokit (0.6.0)
      addressable (~> 2.2.4)
      faraday (~> 0.5.4)
      faraday_middleware (~> 0.3.2)
      hashie (~> 1.0.0)
      multi_json (~> 0.0.5)
      multi_xml (~> 0.2.0)
    polyglot (0.3.1)
    rack (1.2.2)
    rspec (2.5.0)
      rspec-core (~> 2.5.0)
      rspec-expectations (~> 2.5.0)
      rspec-mocks (~> 2.5.0)
    rspec-core (2.5.1)
    rspec-expectations (2.5.0)
      diff-lcs (~> 1.1.2)
    rspec-mocks (2.5.0)
    sax-machine (0.0.16)
      nokogiri (> 0.0.0)
    treetop (1.4.9)
      polyglot (>= 0.3.1)
    webmock (1.6.2)
      addressable (>= 2.2.2)
      crack (>= 0.1.7)

PLATFORMS
  ruby

DEPENDENCIES
  activesupport (= 3.0.1)
  bzip2-ruby (~> 0.2.6)
  erubis (~> 2.6.6)
  feedzirra (~> 0.0.24)
  gitrb (~> 0.2.7)
  hashie (~> 1.0)
  hpricot (= 0.8.2)
  htmlentities (~> 4.2.1)
  i18n (~> 0.4.1)
  json (~> 1.4.6)
  mail (~> 2.2.7)
  mime-types (~> 1.16)
  mimemagic (= 0.1.7)
  octokit (~> 0.5)
  retryable!
  rspec (~> 2.5)
  webmock (~> 1.6)
